NUGET
  remote: http://api.nuget.org/v3/index.json
  specs:
    FSharp.TypeProviders.StarterPack (1.1.3.88)

GROUP Build
NUGET
  remote: http://api.nuget.org/v3/index.json
  specs:
    FAKE (4.21.4)
    FAKE.Lib (4.21.4)
    FAKE.Persimmon (1.0.2)
      FAKE.Lib (>= 4.1.0)
    Microsoft.Bcl (1.1.10)
      Microsoft.Bcl.Build (>= 1.0.14)
    Microsoft.Bcl.Build (1.0.21) - import_targets: false
    Microsoft.Net.Http (2.2.29)
      Microsoft.Bcl (>= 1.1.10)
      Microsoft.Bcl.Build (>= 1.0.14)
    NuGet.CommandLine (3.3.0)
    Octokit (0.18.0)
      Microsoft.Net.Http
    Persimmon.Console (1.0.2)
    SourceLink.Fake (1.1.0)
GITHUB
  remote: fsharp/FAKE
  specs:
    modules/Octokit/Octokit.fsx (e71048b08b7aefebb3adeaa4518915510d55785c)
      Octokit
GROUP Test
NUGET
  remote: http://api.nuget.org/v3/index.json
  specs:
    Persimmon (1.0.2)
