NUGET
  remote: http://api.nuget.org/v3/index.json
  specs:
    FAKE (4.11.0)
    FAKE.Lib (4.11.0)
    FAKE.Persimmon (1.0.2)
      FAKE.Lib (>= 4.1.0)
    FSharp.TypeProviders.StarterPack (1.1.3.76)
    Microsoft.Bcl (1.1.10)
      Microsoft.Bcl.Build (>= 1.0.14)
    Microsoft.Bcl.Build (1.0.21) - import_targets: false
    Microsoft.Net.Http (2.2.29)
      Microsoft.Bcl (>= 1.1.10)
      Microsoft.Bcl.Build (>= 1.0.14)
    Nuget.CommandLine (3.3.0)
    Octokit (0.17.0)
      Microsoft.Net.Http
    Persimmon (1.0.1)
    Persimmon.Console (1.0.1)
    SourceLink.Fake (1.1.0)
GITHUB
  remote: fsharp/FAKE
  specs:
    modules/Octokit/Octokit.fsx (821e264e79dbe73a5e67f00defd60265646b37b9)
      Octokit